GEM
  remote: http://rubygems.org/
  specs:
    ZenTest (4.6.2)
    active_support (3.0.0)
      activesupport (= 3.0.0)
    activemodel (3.0.0)
      activesupport (= 3.0.0)
      builder (~> 2.1.2)
      i18n (~> 0.4.1)
    activesupport (3.0.0)
    ansi (1.4.1)
    autotest (4.4.6)
      ZenTest (>= 4.4.1)
    bouncy-castle-java (1.5.0146.1)
    bson (1.5.2-java)
    bson_ext (1.5.2)
      bson (= 1.5.2)
    builder (2.1.2)
    columnize (0.3.6)
    fastercsv (1.5.4)
    git (1.2.5)
    i18n (0.4.2)
    jeweler (1.6.4)
      bundler (~> 1.0)
      git (>= 1.2.5)
      rake
    jruby-openssl (0.7.4)
      bouncy-castle-java
    json (1.6.4-java)
    mongo (1.5.2)
      bson (= 1.5.2)
    mongo_mapper (0.10.1)
      activemodel (~> 3.0)
      activesupport (~> 3.0)
      plucky (~> 0.4.0)
    plucky (0.4.3)
      mongo (~> 1.3)
    rake (0.9.2.2)
    rcov (0.9.11-java)
    rdoc (3.12)
      json (~> 1.4)
    redgreen (1.2.2)
    reek (1.2.8)
      ruby2ruby (~> 1.2)
      ruby_parser (~> 2.0)
      sexp_processor (~> 3.0)
    roodi (2.1.0)
      ruby_parser
    ruby-debug (0.10.4)
      columnize (>= 0.1)
      ruby-debug-base (~> 0.10.4.0)
    ruby-debug-base (0.10.4-java)
    ruby2ruby (1.3.1)
      ruby_parser (~> 2.0)
      sexp_processor (~> 3.0)
    ruby_parser (2.3.1)
      sexp_processor (~> 3.0)
    sexp_processor (3.0.10)
    turn (0.8.3)
      ansi

PLATFORMS
  java

DEPENDENCIES
  active_support
  autotest
  bson_ext
  bundler (~> 1.0.0)
  fastercsv
  jeweler (~> 1.6.4)
  jruby-openssl
  mongo_mapper
  rcov
  rdoc
  redgreen
  reek (~> 1.2.8)
  roodi (~> 2.1.0)
  ruby-debug
  turn
