GEM
  remote: http://rubygems.org/
  specs:
    ZenTest (4.6.2)
    active_support (3.0.0)
      activesupport (= 3.0.0)
    activemodel (3.0.0)
      activesupport (= 3.0.0)
      builder (~> 2.1.2)
      i18n (~> 0.4.1)
    activesupport (3.0.0)
    ansi (1.4.1)
    autotest (4.4.6)
      ZenTest (>= 4.4.1)
    bouncy-castle-java (1.5.0146.1)
    bson (1.5.2-java)
    bson_ext (1.5.2)
      bson (= 1.5.2)
    builder (2.1.2)
    clbustos-rtf (0.4.2)
    columnize (0.3.6)
    dirty-memoize (0.0.4)
    distribution (0.7.0)
    extendmatrix (0.3.1)
    fastercsv (1.5.4)
    git (1.2.5)
    i18n (0.4.2)
    jeweler (1.6.4)
      bundler (~> 1.0)
      git (>= 1.2.5)
      rake
    jruby-openssl (0.7.4)
      bouncy-castle-java
    json (1.6.4-java)
    minimization (0.2.1)
      text-table (~> 1.2)
    mongo (1.5.2)
      bson (= 1.5.2)
    mongo_mapper (0.10.1)
      activemodel (~> 3.0)
      activesupport (~> 3.0)
      plucky (~> 0.4.0)
    plucky (0.4.3)
      mongo (~> 1.3)
    prawn (0.8.4)
      prawn-core (>= 0.8.4, < 0.9)
      prawn-layout (>= 0.8.4, < 0.9)
      prawn-security (>= 0.8.4, < 0.9)
    prawn-core (0.8.4)
    prawn-layout (0.8.4)
    prawn-security (0.8.4)
    prawn-svg (0.9.1.10)
      prawn (>= 0.8.4)
      prawn-core (>= 0.8.4)
    rake (0.9.2.2)
    rcov (0.9.11-java)
    rdoc (3.12)
      json (~> 1.4)
    redgreen (1.2.2)
    reek (1.2.8)
      ruby2ruby (~> 1.2)
      ruby_parser (~> 2.0)
      sexp_processor (~> 3.0)
    reportbuilder (1.4.2)
      clbustos-rtf (~> 0.4.0)
      prawn (~> 0.8.4)
      prawn-svg (~> 0.9.1)
      text-table (~> 1.2)
    roodi (2.1.0)
      ruby_parser
    rserve-client (0.2.5)
    ruby-debug (0.10.4)
      columnize (>= 0.1)
      ruby-debug-base (~> 0.10.4.0)
    ruby-debug-base (0.10.4-java)
    ruby-ole (1.2.11.2)
    ruby2ruby (1.3.1)
      ruby_parser (~> 2.0)
      sexp_processor (~> 3.0)
    ruby_parser (2.3.1)
      sexp_processor (~> 3.0)
    rubyvis (0.5.1)
    sexp_processor (3.0.10)
    spreadsheet (0.6.7)
      ruby-ole (>= 1.0)
    statsample (1.2.0)
      dirty-memoize (~> 0.0)
      distribution (~> 0.6)
      extendmatrix (~> 0.3.1)
      fastercsv (> 0)
      minimization (~> 0.2.0)
      reportbuilder (~> 1.4)
      rserve-client (~> 0.2.5)
      rubyvis (~> 0.5)
      spreadsheet (~> 0.6.5)
      statsample-bivariate-extension (> 0)
    statsample-bivariate-extension (1.1.0)
      distribution (~> 0.6)
    text-table (1.2.2)
    turn (0.8.3)
      ansi

PLATFORMS
  java

DEPENDENCIES
  active_support
  autotest
  bson_ext
  bundler (~> 1.0.0)
  fastercsv
  jeweler (~> 1.6.4)
  jruby-openssl
  mongo_mapper
  rcov
  rdoc
  redgreen
  reek (~> 1.2.8)
  roodi (~> 2.1.0)
  ruby-debug
  statsample
  turn
